GEM
  remote: https://rubygems.org/
  specs:
    minitest (5.16.3)
    webrick (1.7.0)
    yard (0.9.28)
      webrick (~> 1.7.0)

PLATFORMS
  x86_64-darwin-20

DEPENDENCIES
  minitest
  yard

BUNDLED WITH
   2.2.22
